GEM
  remote: https://rubygems.org/
  specs:
    hashie (2.0.5)
    json (1.7.7)
    link_thumbnailer (1.0.9)
      hashie (>= 1.2.0)
      json (~> 1.7.6)
      net-http-persistent (~> 2.7)
      nokogiri (~> 1.5.5)
      rmagick (~> 2.13.1)
    net-http-persistent (2.9)
    nokogiri (1.5.10)
    rmagick (2.13.2)

PLATFORMS
  ruby

DEPENDENCIES
  link_thumbnailer
